GEM
  remote: https://rubygems.org/
  specs:
    ast (2.3.0)
    avro (1.8.1)
      multi_json
    awesome_print (1.7.0)
    axiom-types (0.1.1)
      descendants_tracker (~> 0.0.4)
      ice_nine (~> 0.11.0)
      thread_safe (~> 0.3, >= 0.3.1)
    byebug (9.0.6)
    coderay (1.1.1)
    coercible (1.0.0)
      descendants_tracker (~> 0.0.1)
    configatron (4.5.0)
    descendants_tracker (0.0.4)
      thread_safe (~> 0.3, >= 0.3.1)
    dotenv (2.1.1)
    equalizer (0.0.11)
    ice_nine (0.11.2)
    logstash-event (1.2.02)
    logstash-logger (0.20.0)
      logstash-event (~> 1.2)
    method_source (0.8.2)
    minitest (5.9.1)
    minitest-color (0.0.2)
      minitest (~> 5)
    minitest-sprint (1.2.0)
      path_expander (~> 1.0)
    multi_json (1.12.1)
    parser (2.3.1.4)
      ast (~> 2.2)
    path_expander (1.0.0)
    poseidon (0.0.5)
    powerpack (0.1.1)
    pry (0.10.4)
      coderay (~> 1.1.0)
      method_source (~> 0.8.1)
      slop (~> 3.4)
    pry-byebug (3.4.0)
      byebug (~> 9.0)
      pry (~> 0.10)
    rack (2.0.1)
    rack-dev-mark (0.7.5)
      rack (>= 1.1)
    rainbow (2.1.0)
    rake (11.3.0)
    roda (2.20.0)
      rack
    rubocop (0.45.0)
      parser (>= 2.3.1.1, < 3.0)
      powerpack (~> 0.1)
      rainbow (>= 1.99.1, < 3.0)
      ruby-progressbar (~> 1.7)
      unicode-display_width (~> 1.0, >= 1.0.1)
    ruby-progressbar (1.8.1)
    sequel (4.40.0)
    shotgun (0.9.2)
      rack (>= 1.0)
    slop (3.6.0)
    sqlite3 (1.3.12)
    stackprof (0.2.10)
    thread_safe (0.3.5)
    tilt (2.0.5)
    transproc (0.4.1)
    unicode-display_width (1.1.1)
    virtus (1.0.5)
      axiom-types (~> 0.1)
      coercible (~> 1.0)
      descendants_tracker (~> 0.0, >= 0.0.3)
      equalizer (~> 0.0, >= 0.0.9)

PLATFORMS
  ruby

DEPENDENCIES
  avro
  awesome_print
  configatron
  dotenv
  logstash-logger
  minitest
  minitest-color
  minitest-sprint
  poseidon
  pry-byebug
  rack-dev-mark
  rake
  roda
  rubocop
  sequel
  shotgun
  sqlite3
  stackprof
  tilt
  transproc
  virtus

RUBY VERSION
   ruby 2.3.1p112

BUNDLED WITH
   1.13.6
