GEM
  remote: https://rubygems.org/
  specs:
    avro (1.7.7)
      multi_json
    axiom-types (0.1.1)
      descendants_tracker (~> 0.0.4)
      ice_nine (~> 0.11.0)
      thread_safe (~> 0.3, >= 0.3.1)
    byebug (5.0.0)
      columnize (= 0.9.0)
    coercible (1.0.0)
      descendants_tracker (~> 0.0.1)
    columnize (0.9.0)
    configatron (4.5.0)
    descendants_tracker (0.0.4)
      thread_safe (~> 0.3, >= 0.3.1)
    dotenv (2.0.2)
    equalizer (0.0.11)
    ice_nine (0.11.1)
    minitest (5.7.0)
    minitest-color (0.0.1)
    minitest-sprint (1.1.0)
    multi_json (1.11.1)
    poseidon (0.0.5)
    rack (1.6.4)
    rack-dev-mark (0.7.4)
      rack (>= 1.1)
    roda (2.4.0)
      rack
    thread_safe (0.3.5)
    tilt (2.0.1)
    transproc (0.2.4)
    virtus (1.0.5)
      axiom-types (~> 0.1)
      coercible (~> 1.0)
      descendants_tracker (~> 0.0, >= 0.0.3)
      equalizer (~> 0.0, >= 0.0.9)

PLATFORMS
  ruby

DEPENDENCIES
  avro
  byebug
  configatron
  dotenv
  minitest
  minitest-color
  minitest-sprint
  poseidon
  rack-dev-mark
  roda
  tilt
  transproc
  virtus

BUNDLED WITH
   1.10.5
