GEM
  remote: https://rubygems.org/
  specs:
    byebug (4.0.5)
      columnize (= 0.9.0)
    columnize (0.9.0)
    forme (1.3.0)
    minitest (5.6.1)
    minitest-color (0.0.1)
    minitest-sprint (1.1.0)
    rack (1.6.1)
    roda (2.3.0)
      rack
    tilt (2.0.1)

PLATFORMS
  ruby

DEPENDENCIES
  byebug
  forme
  minitest
  minitest-color
  minitest-sprint
  roda
  tilt
