GEM
  remote: https://rubygems.org/
  specs:
    minitest (5.6.1)
    minitest-color (0.0.1)
    minitest-sprint (1.1.0)
    rack (1.6.1)
    roda (2.3.0)
      rack
    tilt (2.0.1)

PLATFORMS
  ruby

DEPENDENCIES
  minitest
  minitest-color
  minitest-sprint
  roda
  tilt
