GEM
  remote: https://rubygems.org/
  specs:
    avro (1.7.7)
      multi_json
    byebug (5.0.0)
      columnize (= 0.9.0)
    columnize (0.9.0)
    configatron (4.5.0)
    dotenv (2.0.1)
    minitest (5.7.0)
    minitest-color (0.0.1)
    minitest-sprint (1.1.0)
    multi_json (1.11.1)
    rack (1.6.1)
    rack-dev-mark (0.7.3)
      rack (>= 1.1)
    roda (2.3.0)
      rack
    tilt (2.0.1)

PLATFORMS
  ruby

DEPENDENCIES
  avro
  byebug
  configatron
  dotenv
  minitest
  minitest-color
  minitest-sprint
  rack-dev-mark
  roda
  tilt

BUNDLED WITH
   1.10.3
