GEM
  remote: https://rubygems.org/
  specs:
    avro (1.7.7)
      multi_json
    awesome_print (1.6.1)
    axiom-types (0.1.1)
      descendants_tracker (~> 0.0.4)
      ice_nine (~> 0.11.0)
      thread_safe (~> 0.3, >= 0.3.1)
    byebug (6.0.2)
    coderay (1.1.0)
    coercible (1.0.0)
      descendants_tracker (~> 0.0.1)
    configatron (4.5.0)
    descendants_tracker (0.0.4)
      thread_safe (~> 0.3, >= 0.3.1)
    dotenv (2.0.2)
    equalizer (0.0.11)
    ice_nine (0.11.1)
    method_source (0.8.2)
    minitest (5.8.0)
    minitest-color (0.0.1)
    minitest-sprint (1.1.1)
    multi_json (1.11.2)
    poseidon (0.0.5)
    pry (0.10.1)
      coderay (~> 1.1.0)
      method_source (~> 0.8.1)
      slop (~> 3.4)
    rack (1.6.4)
    rack-dev-mark (0.7.4)
      rack (>= 1.1)
    roda (2.5.1)
      rack
    sequel (4.26.0)
    slop (3.6.0)
    sqlite3 (1.3.10)
    stackprof (0.2.7)
    thread_safe (0.3.5)
    tilt (2.0.1)
    transproc (0.3.2)
    virtus (1.0.5)
      axiom-types (~> 0.1)
      coercible (~> 1.0)
      descendants_tracker (~> 0.0, >= 0.0.3)
      equalizer (~> 0.0, >= 0.0.9)

PLATFORMS
  ruby

DEPENDENCIES
  avro
  awesome_print
  byebug
  configatron
  dotenv
  minitest
  minitest-color
  minitest-sprint
  poseidon
  pry
  rack-dev-mark
  roda
  sequel
  sqlite3
  stackprof
  tilt
  transproc
  virtus

BUNDLED WITH
   1.10.6
