GEM
  remote: https://rubygems.org/
  specs:
    byebug (4.0.5)
      columnize (= 0.9.0)
    columnize (0.9.0)
    configatron (4.5.0)
    dotenv (2.0.1)
    foreman (0.78.0)
      thor (~> 0.19.1)
    minitest (5.6.1)
    minitest-color (0.0.1)
    minitest-sprint (1.1.0)
    rack (1.6.1)
    rack-dev-mark (0.7.3)
      rack (>= 1.1)
    roda (2.3.0)
      rack
    thor (0.19.1)
    tilt (2.0.1)

PLATFORMS
  ruby

DEPENDENCIES
  byebug
  configatron
  dotenv
  foreman
  minitest
  minitest-color
  minitest-sprint
  rack-dev-mark
  roda
  tilt
