GEM
  remote: https://rubygems.org/
  specs:
    ast (2.2.0)
    avro (1.7.7)
      multi_json
    awesome_print (1.6.1)
    axiom-types (0.1.1)
      descendants_tracker (~> 0.0.4)
      ice_nine (~> 0.11.0)
      thread_safe (~> 0.3, >= 0.3.1)
    byebug (8.2.1)
    coderay (1.1.0)
    coercible (1.0.0)
      descendants_tracker (~> 0.0.1)
    configatron (4.5.0)
    descendants_tracker (0.0.4)
      thread_safe (~> 0.3, >= 0.3.1)
    dotenv (2.0.2)
    equalizer (0.0.11)
    ice_nine (0.11.1)
    logstash-event (1.2.02)
    logstash-logger (0.15.2)
      logstash-event (~> 1.2)
      stud
    method_source (0.8.2)
    minitest (5.8.3)
    minitest-color (0.0.2)
      minitest (~> 5)
    minitest-sprint (1.1.1)
    multi_json (1.11.2)
    parser (2.3.0.4)
      ast (~> 2.2)
    poseidon (0.0.5)
    powerpack (0.1.1)
    pry (0.10.3)
      coderay (~> 1.1.0)
      method_source (~> 0.8.1)
      slop (~> 3.4)
    rack (1.6.4)
    rack-dev-mark (0.7.4)
      rack (>= 1.1)
    rainbow (2.1.0)
    roda (2.9.0)
      rack
    rubocop (0.37.1)
      parser (>= 2.3.0.4, < 3.0)
      powerpack (~> 0.1)
      rainbow (>= 1.99.1, < 3.0)
      ruby-progressbar (~> 1.7)
      unicode-display_width (~> 0.3)
    ruby-progressbar (1.7.5)
    sequel (4.30.0)
    slop (3.6.0)
    sqlite3 (1.3.11)
    stackprof (0.2.7)
    stud (0.0.22)
    thread_safe (0.3.5)
    tilt (2.0.1)
    transproc (0.4.0)
    unicode-display_width (0.3.1)
    virtus (1.0.5)
      axiom-types (~> 0.1)
      coercible (~> 1.0)
      descendants_tracker (~> 0.0, >= 0.0.3)
      equalizer (~> 0.0, >= 0.0.9)

PLATFORMS
  ruby

DEPENDENCIES
  avro
  awesome_print
  byebug
  configatron
  dotenv
  logstash-logger
  minitest
  minitest-color
  minitest-sprint
  poseidon
  pry
  rack-dev-mark
  roda
  rubocop
  sequel
  sqlite3
  stackprof
  tilt
  transproc
  virtus

BUNDLED WITH
   1.11.2
